GEM
  remote: https://rubygems.org/
  specs:
    activesupport (4.1.13)
      i18n (~> 0.6, >= 0.6.9)
      json (~> 1.7, >= 1.7.7)
      minitest (~> 5.1)
      thread_safe (~> 0.1)
      tzinfo (~> 1.1)
    autoprefixer-rails (6.0.3)
      execjs
      json
    bootstrap-sass (3.3.5)
      autoprefixer-rails (>= 5.0.0.1)
      sass (>= 3.2.19)
    chronic (0.10.2)
    coderay (1.1.0)
    coffee-script (2.4.1)
      coffee-script-source
      execjs
    coffee-script-source (1.9.1.1)
    daemons (1.2.3)
    erubis (2.7.0)
    eventmachine (1.0.8)
    execjs (2.6.0)
    flatrack (1.3.3)
      activesupport (> 3.2, < 4.2)
      coffee-script (~> 2.2)
      erubis (~> 2.7)
      rack (~> 1.4)
      rake (> 0.8.7, < 10.2)
      sass (~> 3.2.0)
      sprockets-sass (~> 1.2)
      thor (~> 0.18)
      tilt (~> 1.1)
    foreman (0.78.0)
      thor (~> 0.19.1)
    haml (4.0.7)
      tilt
    haml-flatrack (1.0.0)
      haml
    hike (1.2.3)
    i18n (0.7.0)
    json (1.8.3)
    libv8 (3.16.14.19)
    method_source (0.8.2)
    minitest (5.8.0)
    multi_json (1.11.2)
    pry (0.10.1)
      coderay (~> 1.1.0)
      method_source (~> 0.8.1)
      slop (~> 3.4)
    rack (1.6.4)
    rake (10.1.1)
    redcarpet (3.1.2)
    ref (2.0.0)
    sass (3.2.19)
    shotgun (0.9.1)
      rack (>= 1.0)
    slop (3.6.0)
    sprockets (2.12.4)
      hike (~> 1.2)
      multi_json (~> 1.0)
      rack (~> 1.0)
      tilt (~> 1.1, != 1.3.0)
    sprockets-sass (1.3.1)
      sprockets (~> 2.0)
      tilt (~> 1.1)
    therubyracer (0.12.3)
      libv8 (~> 3.16.14.15)
      ref
    thin (1.6.4)
      daemons (~> 1.0, >= 1.0.9)
      eventmachine (~> 1.0, >= 1.0.4)
      rack (~> 1.0)
    thor (0.19.1)
    thread_safe (0.3.5)
    tilt (1.4.1)
    tzinfo (1.2.2)
      thread_safe (~> 0.1)
    uglifier (2.7.2)
      execjs (>= 0.3.0)
      json (>= 1.8.0)

PLATFORMS
  ruby

DEPENDENCIES
  bootstrap-sass
  chronic
  flatrack (~> 1.3.3)
  foreman
  haml-flatrack (~> 1.0.0)
  pry
  redcarpet (~> 3.1.1)
  shotgun
  therubyracer
  thin
  uglifier

BUNDLED WITH
   1.11.2
